GEM
  remote: http://rubygems.org/
  specs:
    cinch (1.1.3)
    configru (0.4.1)

PLATFORMS
  ruby

DEPENDENCIES
  cinch (~> 1.1.3)
  configru (~> 0.4.0)
